GEM
  remote: https://rubygems.org/
  specs:
    highline (1.7.8)
    mysql2 (0.4.2)

PLATFORMS
  ruby

DEPENDENCIES
  highline
  mysql2

BUNDLED WITH
   1.11.2
